PATH
  remote: .
  specs:
    air_traffic_control (0.0.1)

GEM
  remote: https://rubygems.org/
  specs:
    rake (10.4.2)

PLATFORMS
  ruby

DEPENDENCIES
  bundler (~> 1.9)
  air_traffic_control!
  rake (~> 10.0)
